PATH
  remote: .
  specs:
    TaxCloud (0.0.1)
      savon (~> 0.9)

GEM
  remote: http://rubygems.org/
  specs:
    akami (1.0.0)
      gyoku (>= 0.4.0)
    builder (3.0.0)
    diff-lcs (1.1.3)
    gyoku (0.4.5)
      builder (>= 2.1.2)
    httpi (0.9.7)
      rack
    nokogiri (1.5.3)
    nori (1.1.0)
    rack (2.2.3)
    rake (0.9.2.2)
    rspec (2.10.0)
      rspec-core (~> 2.10.0)
      rspec-expectations (~> 2.10.0)
      rspec-mocks (~> 2.10.0)
    rspec-core (2.10.1)
    rspec-expectations (2.10.0)
      diff-lcs (~> 1.1.3)
    rspec-mocks (2.10.1)
    savon (0.9.9)
      akami (~> 1.0)
      builder (>= 2.1.2)
      gyoku (>= 0.4.0)
      httpi (~> 0.9)
      nokogiri (>= 1.4.0)
      nori (~> 1.1)
      wasabi (~> 2.1)
    wasabi (2.1.1)
      nokogiri (>= 1.4.0)

PLATFORMS
  ruby

DEPENDENCIES
  TaxCloud!
  rake (~> 0.9.2)
  rspec (~> 2.6)
